GEM
  remote: https://rubygems.org/
  specs:
    puma (3.11.2)

PLATFORMS
  ruby

DEPENDENCIES
  bundler (= 1.16.1)
  puma

RUBY VERSION
   ruby 2.5.0p0

BUNDLED WITH
   1.16.1
